PATH
  remote: .
  specs:
    cloudstack_shell (0.0.1)
      coderay
      crack
      httpclient
      termcolor

GEM
  remote: https://rubygems.org/
  specs:
    coderay (1.0.9)
    crack (0.3.2)
    diff-lcs (1.2.1)
    highline (1.6.15)
    httpclient (2.2.0.2)
    rake (10.0.3)
    rspec (2.13.0)
      rspec-core (~> 2.13.0)
      rspec-expectations (~> 2.13.0)
      rspec-mocks (~> 2.13.0)
    rspec-core (2.13.0)
    rspec-expectations (2.13.0)
      diff-lcs (>= 1.1.3, < 2.0)
    rspec-mocks (2.13.0)
    termcolor (1.2.2)
      highline (>= 1.5.0)

PLATFORMS
  ruby

DEPENDENCIES
  bundler (~> 1.3)
  cloudstack_shell!
  rake
  rspec
